GEM
  remote: http://rubygems.org/
  specs:
    activemodel (3.2.2)
      activesupport (= 3.2.2)
      builder (~> 3.0.0)
    activerecord (3.2.2)
      activemodel (= 3.2.2)
      activesupport (= 3.2.2)
      arel (~> 3.0.2)
      tzinfo (~> 0.3.29)
    activesupport (3.2.2)
      i18n (~> 0.6)
      multi_json (~> 1.0)
    arel (3.0.2)
    backports (2.3.0)
    builder (3.0.0)
    eventmachine (0.12.10)
    geocoder (1.1.1)
    i18n (0.6.0)
    json (1.6.5)
    multi_json (1.1.0)
    mustache (0.99.4)
    pg (0.13.2)
    rack (1.4.1)
    rack-protection (1.2.0)
      rack
    rack-test (0.5.7)
      rack (>= 1.0)
    shotgun (0.9)
      rack (>= 1.0)
    sinatra (1.3.2)
      rack (~> 1.3, >= 1.3.6)
      rack-protection (~> 1.2)
      tilt (~> 1.3, >= 1.3.3)
    sinatra-activerecord (0.1.3)
      sinatra (>= 0.9.4)
    sinatra-contrib (1.3.1)
      backports (>= 2.0)
      eventmachine
      rack-protection
      rack-test
      sinatra (~> 1.3.0)
      tilt (~> 1.3)
    sinatra-reloader (1.0)
      sinatra-contrib
    sqlite3 (1.3.5)
    tilt (1.3.3)
    tzinfo (0.3.32)

PLATFORMS
  ruby

DEPENDENCIES
  activerecord (= 3.2.2)
  geocoder (= 1.1.1)
  json (= 1.6.5)
  mustache (= 0.99.4)
  pg (= 0.13.2)
  shotgun (= 0.9)
  sinatra (= 1.3.2)
  sinatra-activerecord (= 0.1.3)
  sinatra-reloader (= 1.0)
  sqlite3 (= 1.3.5)
